GEM
  remote: https://rubygems.org/
  specs:
    addressable (2.4.0)
    faraday (0.9.2)
      multipart-post (>= 1.2, < 3)
    json (2.3.0)
    multipart-post (2.0.0)
    mustermann (2.0.2)
      ruby2_keywords (~> 0.0.1)
    octokit (4.3.0)
      sawyer (~> 0.7.0, >= 0.5.3)
    rack (2.2.8.1)
    rack-protection (2.2.3)
      rack
    rake (11.1.2)
    ruby2_keywords (0.0.5)
    sawyer (0.7.0)
      addressable (>= 2.3.5, < 2.5)
      faraday (~> 0.8, < 0.10)
    shotgun (0.9.1)
      rack (>= 1.0)
    sinatra (2.2.3)
      mustermann (~> 2.0)
      rack (~> 2.2)
      rack-protection (= 2.2.3)
      tilt (~> 2.0)
    tilt (2.0.11)

PLATFORMS
  ruby

DEPENDENCIES
  json
  octokit
  rake
  shotgun
  sinatra

RUBY VERSION
   ruby 2.3.0p0

BUNDLED WITH
   1.12.3
